GEM
  remote: https://rubygems.org/
  specs:
    ast (2.4.2)
    fxruby (1.6.46-x64-mingw-ucrt)
      mini_portile2 (~> 2.1)
    json (2.6.3)
    language_server-protocol (3.17.0.3)
    mini_portile2 (2.8.4)
    parallel (1.23.0)
    parser (3.2.2.4)
      ast (~> 2.4.1)
      racc
    pdf-core (0.9.0)
    pg (1.5.4-x64-mingw-ucrt)
    prawn (2.4.0)
      pdf-core (~> 0.9.0)
      ttfunk (~> 1.7)
    racc (1.7.3)
    rainbow (3.1.1)
    regexp_parser (2.8.2)
    rexml (3.2.6)
    rubocop (1.57.2)
      json (~> 2.3)
      language_server-protocol (>= 3.17.0)
      parallel (~> 1.10)
      parser (>= 3.2.2.4)
      rainbow (>= 2.2.2, < 4.0)
      regexp_parser (>= 1.8, < 3.0)
      rexml (>= 3.2.5, < 4.0)
      rubocop-ast (>= 1.28.1, < 2.0)
      ruby-progressbar (~> 1.7)
      unicode-display_width (>= 2.4.0, < 3.0)
    rubocop-ast (1.30.0)
      parser (>= 3.2.1.0)
    ruby-progressbar (1.13.0)
    ttfunk (1.7.0)
    unicode-display_width (2.5.0)

PLATFORMS
  x64-mingw-ucrt

DEPENDENCIES
  fxruby (~> 1.6, >= 1.6.33)
  pg
  prawn
  rubocop (>= 1.0, < 2.0)

RUBY VERSION
   ruby 3.2.2p53

BUNDLED WITH
   2.4.21
